GEM
  remote: https://rubygems.org/
  specs:
    aws-eventstream (1.0.1)
    aws-partitions (1.96.0)
    aws-sdk-applicationautoscaling (1.11.0)
      aws-sdk-core (~> 3)
      aws-sigv4 (~> 1.0)
    aws-sdk-autoscaling (1.6.0)
      aws-sdk-core (~> 3)
      aws-sigv4 (~> 1.0)
    aws-sdk-cloudwatch (1.6.0)
      aws-sdk-core (~> 3)
      aws-sigv4 (~> 1.0)
    aws-sdk-cloudwatchlogs (1.4.0)
      aws-sdk-core (~> 3)
      aws-sigv4 (~> 1.0)
    aws-sdk-core (3.22.1)
      aws-eventstream (~> 1.0)
      aws-partitions (~> 1.0)
      aws-sigv4 (~> 1.0)
      jmespath (~> 1.0)
    aws-sdk-ec2 (1.38.0)
      aws-sdk-core (~> 3)
      aws-sigv4 (~> 1.0)
    aws-sdk-ecs (1.15.0)
      aws-sdk-core (~> 3)
      aws-sigv4 (~> 1.0)
    aws-sdk-elasticloadbalancing (1.3.0)
      aws-sdk-core (~> 3)
      aws-sigv4 (~> 1.0)
    aws-sdk-elasticloadbalancingv2 (1.11.0)
      aws-sdk-core (~> 3)
      aws-sigv4 (~> 1.0)
    aws-sdk-kms (1.6.0)
      aws-sdk-core (~> 3)
      aws-sigv4 (~> 1.0)
    aws-sdk-s3 (1.17.0)
      aws-sdk-core (~> 3, >= 3.21.2)
      aws-sdk-kms (~> 1)
      aws-sigv4 (~> 1.0)
    aws-sdk-sns (1.3.0)
      aws-sdk-core (~> 3)
      aws-sigv4 (~> 1.0)
    aws-sigv4 (1.0.3)
    hako (2.2.0)
      aws-sdk-applicationautoscaling
      aws-sdk-autoscaling
      aws-sdk-cloudwatch
      aws-sdk-cloudwatchlogs
      aws-sdk-ec2
      aws-sdk-ecs (>= 1.4.0)
      aws-sdk-elasticloadbalancing
      aws-sdk-elasticloadbalancingv2
      aws-sdk-s3
      aws-sdk-sns
      jsonnet
    hako-itamae-secrets (0.1.0)
      hako
      itamae-secrets
    itamae-secrets (0.2.3)
      thor
    jmespath (1.4.0)
    jsonnet (0.3.0)
      mini_portile2 (>= 2.2.0)
    mini_portile2 (2.3.0)
    thor (0.20.0)

PLATFORMS
  ruby

DEPENDENCIES
  hako
  hako-itamae-secrets

BUNDLED WITH
   1.16.1
