GEM
  remote: https://rubygems.org/
  specs:
    aws-eventstream (1.0.1)
    aws-partitions (1.97.0)
    aws-sdk-codepipeline (1.5.0)
      aws-sdk-core (~> 3)
      aws-sigv4 (~> 1.0)
    aws-sdk-core (3.24.0)
      aws-eventstream (~> 1.0)
      aws-partitions (~> 1.0)
      aws-sigv4 (~> 1.0)
      jmespath (~> 1.0)
    aws-sigv4 (1.0.3)
    itamae-secrets (0.2.3)
      thor
    jmespath (1.4.0)
    thor (0.20.0)

PLATFORMS
  ruby

DEPENDENCIES
  aws-sdk-codepipeline
  itamae-secrets

BUNDLED WITH
   1.16.1
