GEM
  remote: https://rubygems.org/
  specs:
    acme-client (2.0.0)
      faraday (~> 0.9, >= 0.9.1)
    acmesmith (2.1.0)
      acme-client (~> 2)
      aws-sdk-acm
      aws-sdk-route53
      aws-sdk-s3
      thor
    aws-eventstream (1.0.1)
    aws-partitions (1.96.0)
    aws-sdk-acm (1.9.0)
      aws-sdk-core (~> 3)
      aws-sigv4 (~> 1.0)
    aws-sdk-core (3.22.1)
      aws-eventstream (~> 1.0)
      aws-partitions (~> 1.0)
      aws-sigv4 (~> 1.0)
      jmespath (~> 1.0)
    aws-sdk-kms (1.6.0)
      aws-sdk-core (~> 3)
      aws-sigv4 (~> 1.0)
    aws-sdk-route53 (1.10.1)
      aws-sdk-core (~> 3)
      aws-sigv4 (~> 1.0)
    aws-sdk-s3 (1.17.0)
      aws-sdk-core (~> 3, >= 3.21.2)
      aws-sdk-kms (~> 1)
      aws-sigv4 (~> 1.0)
    aws-sigv4 (1.0.3)
    faraday (0.15.2)
      multipart-post (>= 1.2, < 3)
    jmespath (1.4.0)
    multipart-post (2.0.0)
    thor (0.20.0)

PLATFORMS
  ruby

DEPENDENCIES
  acmesmith

BUNDLED WITH
   1.16.1
