GEM
  remote: https://rubygems.org/
  specs:
    aws-eventstream (1.0.1)
    aws-partitions (1.95.0)
    aws-sdk-core (3.22.1)
      aws-eventstream (~> 1.0)
      aws-partitions (~> 1.0)
      aws-sigv4 (~> 1.0)
      jmespath (~> 1.0)
    aws-sdk-v1 (1.67.0)
      json (~> 1.4)
      nokogiri (~> 1)
    aws-sigv4 (1.0.3)
    aws_config (0.1.0)
    diffy (3.2.1)
    hashie (3.5.7)
    jmespath (1.4.0)
    json (1.8.6)
    mini_portile2 (2.3.0)
    nokogiri (1.8.3)
      mini_portile2 (~> 2.3.0)
    piculet (0.3.0.beta2)
      aws-sdk-v1 (>= 1.48.0)
      aws_config (= 0.1.0)
      diffy
      hashie
      nokogiri (~> 1.8.2)
      term-ansicolor (>= 1.2.2)
    term-ansicolor (1.6.0)
      tins (~> 1.0)
    tins (1.16.3)

PLATFORMS
  ruby

DEPENDENCIES
  aws-sdk-core
  piculet (>= 0.3.0.beta1)

BUNDLED WITH
   1.16.1
