GIT
  remote: https://github.com/sorah/hocho
  revision: d63cfe6c859608692edbbf1256b8b96df53ca515
  specs:
    hocho (0.2.2)
      hashie
      itamae
      net-ssh
      thor

GIT
  remote: https://github.com/sorah/hocho-ec2
  revision: 865a4a9c7fc4463aa89c7ffe332c8c81b60e2746
  specs:
    hocho-ec2 (0.1.0)
      aws-sdk-ec2

GEM
  remote: https://rubygems.org/
  specs:
    ansi (1.5.0)
    aws-eventstream (1.0.1)
    aws-partitions (1.100.0)
    aws-sdk-core (3.24.1)
      aws-eventstream (~> 1.0)
      aws-partitions (~> 1.0)
      aws-sigv4 (~> 1.0)
      jmespath (~> 1.0)
    aws-sdk-ec2 (1.43.0)
      aws-sdk-core (~> 3)
      aws-sigv4 (~> 1.0)
    aws-sigv4 (1.0.3)
    hashie (3.6.0)
    itamae (1.9.11)
      ansi
      hashie
      schash (~> 0.1.0)
      specinfra (>= 2.64.0, < 3.0.0)
      thor
    itamae-secrets (0.2.3)
      thor
    jmespath (1.4.0)
    net-scp (1.2.1)
      net-ssh (>= 2.6.5)
    net-ssh (5.0.2)
    net-telnet (0.2.0)
    schash (0.1.2)
    sfl (2.3)
    specinfra (2.76.0)
      net-scp
      net-ssh (>= 2.7)
      net-telnet
      sfl
    thor (0.20.0)

PLATFORMS
  ruby

DEPENDENCIES
  hocho!
  hocho-ec2!
  itamae-secrets

BUNDLED WITH
   1.16.1
