GEM
  remote: https://rubygems.org/
  specs:
    aws-eventstream (1.0.1)
    aws-partitions (1.94.0)
    aws-sdk-core (3.22.1)
      aws-eventstream (~> 1.0)
      aws-partitions (~> 1.0)
      aws-sigv4 (~> 1.0)
      jmespath (~> 1.0)
    aws-sdk-ec2 (1.36.0)
      aws-sdk-core (~> 3)
      aws-sigv4 (~> 1.0)
    aws-sdk-route53 (1.10.0)
      aws-sdk-core (~> 3)
      aws-sigv4 (~> 1.0)
    aws-sigv4 (1.0.3)
    diffy (3.2.1)
    hashie (3.5.7)
    jmespath (1.4.0)
    macaddr (1.7.1)
      systemu (~> 2.6.2)
    net-dns2 (0.8.7)
      packetfu
    packetfu (1.1.13)
      pcaprub
    pcaprub (0.12.4)
    roadworker (0.5.9.beta7)
      aws-sdk-route53 (~> 1)
      diffy
      hashie
      net-dns2 (~> 0.8.6)
      systemu
      term-ansicolor
      uuid
    systemu (2.6.5)
    term-ansicolor (1.6.0)
      tins (~> 1.0)
    tins (1.16.3)
    uuid (2.3.9)
      macaddr (~> 1.0)

PLATFORMS
  ruby

DEPENDENCIES
  aws-sdk-ec2
  roadworker (>= 0.5.9.beta7)

BUNDLED WITH
   1.16.1
